GEM
  remote: http://rubygems.org/
  specs:
    addressable (2.2.6)
    backports (2.3.0)
    cabin (0.4.1)
      json
    diff-lcs (1.1.3)
    http_parser.rb (0.5.3)
    http_parser.rb (0.5.3-java)
    insist (0.0.5)
    json (1.6.5)
    json (1.6.5-java)
    minitest (2.11.0)
    multi_json (1.0.4)
    rack (1.4.1)
    rack-protection (1.2.0)
      rack
    rspec (2.8.0)
      rspec-core (~> 2.8.0)
      rspec-expectations (~> 2.8.0)
      rspec-mocks (~> 2.8.0)
    rspec-core (2.8.0)
    rspec-expectations (2.8.0)
      diff-lcs (~> 1.1.2)
    rspec-mocks (2.8.0)
    simplecov (0.5.4)
      multi_json (~> 1.0.3)
      simplecov-html (~> 0.5.3)
    simplecov-html (0.5.3)
    sinatra (1.3.2)
      rack (~> 1.3, >= 1.3.6)
      rack-protection (~> 1.2)
      tilt (~> 1.3, >= 1.3.3)
    tilt (1.3.3)
    yard (0.7.5)

PLATFORMS
  java
  ruby

DEPENDENCIES
  addressable (= 2.2.6)
  backports (= 2.3.0)
  cabin (= 0.4.1)
  http_parser.rb (= 0.5.3)
  insist
  json (= 1.6.5)
  minitest
  rspec
  simplecov
  sinatra
  yard
