GEM
  remote: http://rubygems.org/
  specs:
    addressable (2.2.6)
    http_parser.rb (0.5.3)

PLATFORMS
  ruby

DEPENDENCIES
  addressable (= 2.2.6)
  http_parser.rb (= 0.5.3)
