GEM
  remote: http://rubygems.org/
  specs:
    addressable (2.2.6)
    backports (2.3.0)
    cabin (0.4.1)
      json
    http_parser.rb (0.5.3)
    http_parser.rb (0.5.3-java)
    json (1.6.5)
    json (1.6.5-java)
    minitest (2.11.0)
    multi_json (1.0.4)
    simplecov (0.5.4)
      multi_json (~> 1.0.3)
      simplecov-html (~> 0.5.3)
    simplecov-html (0.5.3)
    yard (0.7.5)

PLATFORMS
  java
  ruby

DEPENDENCIES
  addressable (= 2.2.6)
  backports (= 2.3.0)
  cabin (= 0.4.1)
  http_parser.rb (= 0.5.3)
  json (= 1.6.5)
  minitest
  simplecov
  yard
