GEM
  remote: http://rubygems.org/
  specs:
    addressable (2.2.6)
    awesome_print (1.2.0)
    backports (2.6.2)
    cabin (0.4.4)
      json
    diff-lcs (1.1.3)
    http_parser.rb (0.5.3)
    http_parser.rb (0.5.3-java)
    insist (0.0.6)
    json (1.6.6)
    json (1.6.6-java)
    minitest (3.4.0)
    multi_json (1.3.6)
    rack (1.4.1)
    rack-protection (1.2.0)
      rack
    rspec (2.11.0)
      rspec-core (~> 2.11.0)
      rspec-expectations (~> 2.11.0)
      rspec-mocks (~> 2.11.0)
    rspec-core (2.11.1)
    rspec-expectations (2.11.3)
      diff-lcs (~> 1.1.3)
    rspec-mocks (2.11.2)
    simplecov (0.6.4)
      multi_json (~> 1.0)
      simplecov-html (~> 0.5.3)
    simplecov-html (0.5.3)
    sinatra (1.3.3)
      rack (~> 1.3, >= 1.3.6)
      rack-protection (~> 1.2)
      tilt (~> 1.3, >= 1.3.3)
    stud (0.0.5)
    tilt (1.3.3)
    yard (0.8.2.1)

PLATFORMS
  java
  ruby

DEPENDENCIES
  addressable (= 2.2.6)
  awesome_print
  backports (= 2.6.2)
  cabin (= 0.4.4)
  http_parser.rb (= 0.5.3)
  insist
  json (= 1.6.6)
  minitest
  rspec
  simplecov
  sinatra
  stud
  yard
